GIT
  remote: https://github.com/icalendar/icalendar.git
  revision: 97ed9d301448350de15da4ba3b2323bd685d358c
  specs:
    icalendar (2.4.1)

GEM
  remote: https://rubygems.org/
  specs:
    mini_portile2 (2.1.0)
    nokogiri (1.7.1)
      mini_portile2 (~> 2.1.0)

PLATFORMS
  ruby

DEPENDENCIES
  icalendar (>= 2.4.1)!
  nokogiri

BUNDLED WITH
   1.13.6
